GEM
  remote: https://rubygems.org/
  specs:
    mini_portile2 (2.5.0)
    nokogiri (1.11.3)
      mini_portile2 (~> 2.5.0)
      racc (~> 1.4)
    racc (1.5.2)
    reverse_markdown (2.0.0)
      nokogiri

PLATFORMS
  ruby

DEPENDENCIES
  reverse_markdown (~> 2.0)

BUNDLED WITH
   2.1.4
