GEM
  remote: https://rubygems.org/
  specs:
    mini_portile2 (2.6.1)
    nokogiri (1.12.5)
      mini_portile2 (~> 2.6.1)
      racc (~> 1.4)
    racc (1.5.2)
    reverse_markdown (2.0.0)
      nokogiri

PLATFORMS
  ruby

DEPENDENCIES
  reverse_markdown (~> 2.0)

BUNDLED WITH
   2.2.16
