GEM
  remote: https://rubygems.org/
  specs:
    mini_portile2 (2.8.0)
    nokogiri (1.13.6)
      mini_portile2 (~> 2.8.0)
      racc (~> 1.4)
    racc (1.6.0)
    reverse_markdown (2.0.0)
      nokogiri

PLATFORMS
  ruby

DEPENDENCIES
  reverse_markdown (~> 2.0)

BUNDLED WITH
   2.2.16
