GEM
  remote: https://rubygems.org/
  specs:
    mini_portile2 (2.4.0)
    nokogiri (1.10.9)
      mini_portile2 (~> 2.4.0)
    reverse_markdown (2.0.0)
      nokogiri

PLATFORMS
  ruby

DEPENDENCIES
  reverse_markdown (~> 2.0)

BUNDLED WITH
   2.1.4
